GEM
  remote: https://rubygems.org/
  specs:
    coderay (1.1.2)
    colorize (0.8.1)
    equatable (0.6.1)
    method_source (0.9.2)
    necromancer (0.5.0)
    pastel (0.7.3)
      equatable (~> 0.6)
      tty-color (~> 0.5)
    pry (0.12.2)
      coderay (~> 1.1.0)
      method_source (~> 0.9.0)
    strings (0.1.6)
      strings-ansi (~> 0.1)
      unicode-display_width (~> 1.5)
      unicode_utils (~> 1.4)
    strings-ansi (0.1.0)
    tty-box (0.4.1)
      pastel (~> 0.7.2)
      strings (~> 0.1.6)
      tty-cursor (~> 0.7)
    tty-color (0.5.0)
    tty-cursor (0.7.0)
    tty-progressbar (0.17.0)
      strings-ansi (~> 0.1.0)
      tty-cursor (~> 0.7)
      tty-screen (~> 0.7)
      unicode-display_width (~> 1.6)
    tty-prompt (0.19.0)
      necromancer (~> 0.5.0)
      pastel (~> 0.7.0)
      tty-reader (~> 0.6.0)
    tty-reader (0.6.0)
      tty-cursor (~> 0.7)
      tty-screen (~> 0.7)
      wisper (~> 2.0.0)
    tty-screen (0.7.0)
    unicode-display_width (1.6.0)
    unicode_utils (1.4.0)
    wisper (2.0.0)

PLATFORMS
  ruby

DEPENDENCIES
  colorize
  pastel
  pry
  tty-box
  tty-cursor
  tty-progressbar
  tty-prompt
  tty-screen

BUNDLED WITH
   1.17.2
